GEM
  remote: https://rubygems.org/
  specs:
    addressable (2.8.0)
      public_suffix (>= 2.0.2, < 5.0)
    adsf (1.4.6)
      rack (>= 1.0.0, < 3.0.0)
    adsf-live (1.4.6)
      adsf (~> 1.3)
      em-websocket (~> 0.5)
      eventmachine (~> 1.2)
      listen (~> 3.0)
      rack-livereload (~> 0.3)
    coderay (1.1.3)
    colored (1.2)
    concurrent-ruby (1.1.9)
    cri (2.15.11)
    ddmetrics (1.0.1)
    ddplugin (1.0.3)
    diff-lcs (1.5.0)
    em-websocket (0.5.3)
      eventmachine (>= 0.12.9)
      http_parser.rb (~> 0)
    eventmachine (1.2.7)
    ffi (1.15.5)
    formatador (1.1.0)
    guard (2.18.0)
      formatador (>= 0.2.4)
      listen (>= 2.7, < 4.0)
      lumberjack (>= 1.0.12, < 2.0)
      nenv (~> 0.1)
      notiffany (~> 0.0)
      pry (>= 0.13.0)
      shellany (~> 0.0)
      thor (>= 0.18.1)
    guard-compat (1.2.1)
    guard-nanoc (2.1.9)
      guard (~> 2.8)
      guard-compat (~> 1.0)
      nanoc-cli (~> 4.11, >= 4.11.14)
      nanoc-core (~> 4.11, >= 4.11.14)
    hamster (3.0.0)
      concurrent-ruby (~> 1.0)
    http_parser.rb (0.8.0)
    json_schema (0.21.0)
    kramdown (2.3.1)
      rexml
    listen (3.7.1)
      rb-fsevent (~> 0.10, >= 0.10.3)
      rb-inotify (~> 0.9, >= 0.9.10)
    lumberjack (1.2.8)
    memo_wise (1.6.0)
    method_source (1.0.0)
    nanoc (4.12.5)
      addressable (~> 2.5)
      colored (~> 1.2)
      nanoc-checking (~> 1.0, >= 1.0.2)
      nanoc-cli (= 4.12.5)
      nanoc-core (= 4.12.5)
      nanoc-deploying (~> 1.0)
      parallel (~> 1.12)
      tty-command (~> 0.8)
      tty-which (~> 0.4)
    nanoc-checking (1.0.2)
      nanoc-cli (~> 4.12, >= 4.12.4)
      nanoc-core (~> 4.12, >= 4.12.4)
    nanoc-cli (4.12.5)
      cri (~> 2.15)
      diff-lcs (~> 1.3)
      nanoc-core (= 4.12.5)
      zeitwerk (~> 2.1)
    nanoc-core (4.12.5)
      concurrent-ruby (~> 1.1)
      ddmetrics (~> 1.0)
      ddplugin (~> 1.0)
      hamster (~> 3.0)
      json_schema (~> 0.19)
      memo_wise (~> 1.5)
      slow_enumerator_tools (~> 1.0)
      tty-platform (~> 0.2)
      zeitwerk (~> 2.1)
    nanoc-deploying (1.0.1)
      nanoc-checking (~> 1.0)
      nanoc-cli (~> 4.11, >= 4.11.15)
      nanoc-core (~> 4.11, >= 4.11.15)
    nanoc-live (1.0.0)
      adsf-live (~> 1.4)
      listen (~> 3.0)
      nanoc-cli (~> 4.11, >= 4.11.14)
      nanoc-core (~> 4.11, >= 4.11.14)
    nenv (0.3.0)
    nio4r (2.5.8)
    notiffany (0.1.3)
      nenv (~> 0.1)
      shellany (~> 0.0)
    parallel (1.21.0)
    pastel (0.8.0)
      tty-color (~> 0.5)
    pry (0.14.1)
      coderay (~> 1.1)
      method_source (~> 1.0)
    public_suffix (4.0.6)
    puma (5.6.2)
      nio4r (~> 2.0)
    rack (2.2.3)
    rack-livereload (0.3.17)
      rack
    rb-fsevent (0.11.1)
    rb-inotify (0.10.1)
      ffi (~> 1.0)
    rexml (3.2.5)
    rmagick (4.2.4)
    rubypants (0.7.1)
    sassc (2.4.0)
      ffi (~> 1.9)
    shellany (0.0.1)
    slow_enumerator_tools (1.1.0)
    thor (1.2.1)
    tty-color (0.6.0)
    tty-command (0.10.1)
      pastel (~> 0.8)
    tty-platform (0.3.0)
    tty-which (0.5.0)
    typogruby (1.0.18)
      rubypants
    zeitwerk (2.5.4)

PLATFORMS
  x86_64-linux

DEPENDENCIES
  adsf
  guard-nanoc
  kramdown
  nanoc
  nanoc-live
  puma
  rmagick
  sassc
  typogruby

BUNDLED WITH
   2.3.7
